PATH
  remote: .
  specs:
    redpear (0.3.0)
      nest (~> 1.1.0)
      redis (~> 2.2.0)

GEM
  remote: http://rubygems.org/
  specs:
    diff-lcs (1.1.3)
    fakeredis (0.2.2)
      redis (~> 2.2.0)
    hiredis (0.3.2)
    machinist (2.0.0.beta2)
    nest (1.1.0)
      redis (~> 2.1)
    rake (0.9.2)
    redis (2.2.2)
    rspec (2.6.0)
      rspec-core (~> 2.6.0)
      rspec-expectations (~> 2.6.0)
      rspec-mocks (~> 2.6.0)
    rspec-core (2.6.4)
    rspec-expectations (2.6.0)
      diff-lcs (~> 1.1.2)
    rspec-mocks (2.6.0)
    shoulda-matchers (1.0.0.beta3)

PLATFORMS
  ruby

DEPENDENCIES
  bundler
  fakeredis
  hiredis (~> 0.3.1)
  machinist (~> 2.0.0.beta)
  rake
  redis (~> 2.2.0)
  redpear!
  rspec
  shoulda-matchers
