PATH
  remote: .
  specs:
    redpear (1.0.0)
      redis (~> 3.0.0)

GEM
  remote: http://rubygems.org/
  specs:
    activesupport (3.2.13)
      i18n (= 0.6.1)
      multi_json (~> 1.0)
    diff-lcs (1.2.4)
    factory_girl (4.2.0)
      activesupport (>= 3.0.0)
    i18n (0.6.1)
    machinist (2.0)
    multi_json (1.7.5)
    rake (10.0.4)
    redis (3.0.4)
    rspec (2.13.0)
      rspec-core (~> 2.13.0)
      rspec-expectations (~> 2.13.0)
      rspec-mocks (~> 2.13.0)
    rspec-core (2.13.1)
    rspec-expectations (2.13.0)
      diff-lcs (>= 1.1.3, < 2.0)
    rspec-mocks (2.13.1)
    shoulda-matchers (2.1.0)
      activesupport (>= 3.0.0)

PLATFORMS
  ruby

DEPENDENCIES
  bundler
  factory_girl
  machinist
  rake
  redpear!
  rspec
  shoulda-matchers
