PATH
  remote: .
  specs:
    redpear (0.7.3)
      redis (~> 2.2.0)

GEM
  remote: http://rubygems.org/
  specs:
    activesupport (3.2.3)
      i18n (~> 0.6)
      multi_json (~> 1.0)
    diff-lcs (1.1.3)
    factory_girl (3.1.1)
      activesupport (>= 3.0.0)
    hiredis (0.4.5)
    hiredis (0.4.5-java)
    i18n (0.6.0)
    machinist (2.0)
    multi_json (1.3.2)
    rake (0.9.2.2)
    redis (2.2.2)
    rspec (2.9.0)
      rspec-core (~> 2.9.0)
      rspec-expectations (~> 2.9.0)
      rspec-mocks (~> 2.9.0)
    rspec-core (2.9.0)
    rspec-expectations (2.9.1)
      diff-lcs (~> 1.1.3)
    rspec-mocks (2.9.0)
    shoulda-matchers (1.1.0)
      activesupport (>= 3.0.0)

PLATFORMS
  java
  ruby

DEPENDENCIES
  bundler
  factory_girl
  hiredis
  machinist
  rake
  redpear!
  rspec
  shoulda-matchers
