PATH
  remote: .
  specs:
    redpear (0.9.0)
      redis (~> 3.0.0)

GEM
  remote: http://rubygems.org/
  specs:
    activesupport (3.2.6)
      i18n (~> 0.6)
      multi_json (~> 1.0)
    diff-lcs (1.1.3)
    factory_girl (3.5.0)
      activesupport (>= 3.0.0)
    hiredis (0.4.5)
    hiredis (0.4.5-java)
    i18n (0.6.0)
    machinist (2.0)
    multi_json (1.3.6)
    rake (0.9.2.2)
    redis (3.0.1)
    rspec (2.10.0)
      rspec-core (~> 2.10.0)
      rspec-expectations (~> 2.10.0)
      rspec-mocks (~> 2.10.0)
    rspec-core (2.10.1)
    rspec-expectations (2.10.0)
      diff-lcs (~> 1.1.3)
    rspec-mocks (2.10.1)
    shoulda-matchers (1.2.0)
      activesupport (>= 3.0.0)

PLATFORMS
  java
  ruby

DEPENDENCIES
  bundler
  factory_girl
  hiredis
  machinist
  rake
  redpear!
  rspec
  shoulda-matchers
