GIT
  remote: git://github.com/guilleiguaran/fakeredis.git
  revision: 488ed230e75ec198067c9a69f5a62e1341f2a5a2
  specs:
    fakeredis (0.2.2)
      redis (~> 2.2.0)

PATH
  remote: .
  specs:
    redpear (0.6.4)
      redis (~> 2.2.0)

GEM
  remote: http://rubygems.org/
  specs:
    diff-lcs (1.1.3)
    rake (0.9.2.2)
    redis (2.2.2)
    rspec (2.8.0)
      rspec-core (~> 2.8.0)
      rspec-expectations (~> 2.8.0)
      rspec-mocks (~> 2.8.0)
    rspec-core (2.8.0)
    rspec-expectations (2.8.0)
      diff-lcs (~> 1.1.2)
    rspec-mocks (2.8.0)
    shoulda-matchers (1.0.0)

PLATFORMS
  ruby

DEPENDENCIES
  bundler
  fakeredis!
  rake
  redpear!
  rspec
  shoulda-matchers
