GIT
  remote: git://github.com/dim/fakeredis.git
  revision: 8e195fd79c46c2f11652b4bf396f3574a2db906f
  specs:
    fakeredis (0.2.2)
      redis (~> 2.2.0)

PATH
  remote: .
  specs:
    redpear (0.4.3)
      nest (~> 1.1.0)
      redis (~> 2.2.0)

GEM
  remote: http://rubygems.org/
  specs:
    diff-lcs (1.1.3)
    nest (1.1.0)
      redis (~> 2.1)
    rake (0.9.2.2)
    redis (2.2.2)
    rspec (2.7.0)
      rspec-core (~> 2.7.0)
      rspec-expectations (~> 2.7.0)
      rspec-mocks (~> 2.7.0)
    rspec-core (2.7.1)
    rspec-expectations (2.7.0)
      diff-lcs (~> 1.1.2)
    rspec-mocks (2.7.0)
    shoulda-matchers (1.0.0)

PLATFORMS
  ruby

DEPENDENCIES
  bundler
  fakeredis!
  rake
  redpear!
  rspec
  shoulda-matchers
