PATH
  remote: .
  specs:
    redpear (1.0.3)
      redis (>= 3.0.5, < 3.1.0)

GEM
  remote: http://rubygems.org/
  specs:
    activesupport (4.0.3)
      i18n (~> 0.6, >= 0.6.4)
      minitest (~> 4.2)
      multi_json (~> 1.3)
      thread_safe (~> 0.1)
      tzinfo (~> 0.3.37)
    atomic (1.1.14)
    atomic (1.1.14-java)
    coveralls (0.7.0)
      multi_json (~> 1.3)
      rest-client
      simplecov (>= 0.7)
      term-ansicolor
      thor
    diff-lcs (1.2.5)
    docile (1.1.3)
    factory_girl (4.4.0)
      activesupport (>= 3.0.0)
    hiredis (0.4.5)
    i18n (0.6.9)
    machinist (2.0)
    mime-types (2.1)
    minitest (4.7.5)
    multi_json (1.8.4)
    rake (10.1.1)
    redis (3.0.7)
    rest-client (1.6.7)
      mime-types (>= 1.16)
    rspec (2.14.1)
      rspec-core (~> 2.14.0)
      rspec-expectations (~> 2.14.0)
      rspec-mocks (~> 2.14.0)
    rspec-core (2.14.7)
    rspec-expectations (2.14.5)
      diff-lcs (>= 1.1.3, < 2.0)
    rspec-mocks (2.14.6)
    shoulda-matchers (2.5.0)
      activesupport (>= 3.0.0)
    simplecov (0.8.2)
      docile (~> 1.1.0)
      multi_json
      simplecov-html (~> 0.8.0)
    simplecov-html (0.8.0)
    term-ansicolor (1.3.0)
      tins (~> 1.0)
    thor (0.18.1)
    thread_safe (0.1.3)
      atomic
    thread_safe (0.1.3-java)
      atomic
    tins (1.0.0)
    tzinfo (0.3.38)
    yard (0.8.7.3)

PLATFORMS
  java
  ruby

DEPENDENCIES
  bundler
  coveralls
  factory_girl
  hiredis
  machinist
  rake
  redpear!
  rspec
  shoulda-matchers
  yard
